GEM
  remote: https://rubygems.org/
  specs:
    calibrate (0.0.1)
    caliph (0.3.1)
    mattock (0.10.1)
      calibrate (~> 0.0.1)
      caliph (~> 0.3)
      rake (~> 10.0)
      tilt (> 0)
      valise (~> 1.1)
    rake (10.5.0)
    tilt (2.0.10)
    valise (1.2.1)

PLATFORMS
  ruby

DEPENDENCIES
  mattock (~> 0.10.1)

BUNDLED WITH
   2.1.4
